GEM
  remote: https://rubygems.org/
  specs:
    bigdecimal (3.1.9)
    google-protobuf (4.30.2)
      bigdecimal
      rake (>= 13)
    google-protobuf (4.30.2-aarch64-linux)
      bigdecimal
      rake (>= 13)
    google-protobuf (4.30.2-arm64-darwin)
      bigdecimal
      rake (>= 13)
    google-protobuf (4.30.2-x86-linux)
      bigdecimal
      rake (>= 13)
    google-protobuf (4.30.2-x86_64-darwin)
      bigdecimal
      rake (>= 13)
    google-protobuf (4.30.2-x86_64-linux)
      bigdecimal
      rake (>= 13)
    logger (1.7.0)
    minitest (5.25.5)
    rake (13.2.1)
    temporalio (0.4.0)
      google-protobuf (>= 3.25.0)
      logger
    temporalio (0.4.0-aarch64-linux)
      google-protobuf (>= 3.25.0)
      logger
    temporalio (0.4.0-aarch64-linux-musl)
      google-protobuf (>= 3.25.0)
      logger
    temporalio (0.4.0-arm64-darwin)
      google-protobuf (>= 3.25.0)
      logger
    temporalio (0.4.0-x86_64-darwin)
      google-protobuf (>= 3.25.0)
      logger
    temporalio (0.4.0-x86_64-linux)
      google-protobuf (>= 3.25.0)
      logger
    temporalio (0.4.0-x86_64-linux-musl)
      google-protobuf (>= 3.25.0)
      logger

PLATFORMS
  aarch64-linux
  aarch64-linux-musl
  arm64-darwin
  ruby
  x86-linux
  x86_64-darwin
  x86_64-linux
  x86_64-linux-musl

DEPENDENCIES
  minitest
  rake (~> 13.3)
  temporalio (~> 0.4)

BUNDLED WITH
   2.6.7

